PATH
  remote: .
  specs:
    podbay (0.1.0)
      activesupport (= 4.2.6)
      aws-sdk (~> 2)
      diplomat
      docker-api (~> 1.26)

GEM
  remote: https://rubygems.org/
  specs:
    activesupport (4.2.6)
      i18n (~> 0.7)
      json (~> 1.7, >= 1.7.7)
      minitest (~> 5.1)
      thread_safe (~> 0.3, >= 0.3.4)
      tzinfo (~> 1.1)
    aws-sdk (2.2.26)
      aws-sdk-resources (= 2.2.26)
    aws-sdk-core (2.2.26)
      jmespath (~> 1.0)
    aws-sdk-resources (2.2.26)
      aws-sdk-core (= 2.2.26)
    bundler-audit (0.4.0)
      bundler (~> 1.2)
      thor (~> 0.18)
    codeclimate-test-reporter (0.4.8)
      simplecov (>= 0.7.1, < 1.0.0)
    diff-lcs (1.2.5)
    diplomat (0.15.0)
      faraday (~> 0.9)
      json (~> 1.8)
    docile (1.1.5)
    docker-api (1.26.2)
      excon (>= 0.38.0)
      json
    excon (0.48.0)
    faraday (0.9.2)
      multipart-post (>= 1.2, < 3)
    i18n (0.7.0)
    jmespath (1.1.3)
    json (1.8.3)
    minitest (5.8.4)
    multipart-post (2.0.0)
    rspec (3.4.0)
      rspec-core (~> 3.4.0)
      rspec-expectations (~> 3.4.0)
      rspec-mocks (~> 3.4.0)
    rspec-core (3.4.3)
      rspec-support (~> 3.4.0)
    rspec-expectations (3.4.0)
      diff-lcs (>= 1.2.0, < 2.0)
      rspec-support (~> 3.4.0)
    rspec-mocks (3.4.1)
      diff-lcs (>= 1.2.0, < 2.0)
      rspec-support (~> 3.4.0)
    rspec-support (3.4.1)
    simplecov (0.11.2)
      docile (~> 1.1.0)
      json (~> 1.8)
      simplecov-html (~> 0.10.0)
    simplecov-html (0.10.0)
    thor (0.19.1)
    thread_safe (0.3.5)
    tzinfo (1.2.2)
      thread_safe (~> 0.1)

PLATFORMS
  ruby

DEPENDENCIES
  bundler-audit
  codeclimate-test-reporter
  podbay!
  rspec
